GEM
  remote: http://rubygems.org/
  specs:
    rack (1.2.1)
    sinatra (1.1.0)
      rack (~> 1.1)
      tilt (~> 1.1)
    tilt (1.1)

PLATFORMS
  x86-mingw32

DEPENDENCIES
  sinatra (= 1.1)

METADATA
  version: 1.0.6
